GEM
  remote: https://rubygems.org/
  specs:
    chunky_png (1.3.11)
    mini_portile2 (2.4.0)
    nokogiri (1.10.1)
      mini_portile2 (~> 2.4.0)
    rb-readline (0.5.5)

PLATFORMS
  ruby

DEPENDENCIES
  chunky_png!
  nokogiri!
  rb-readline!

BUNDLED WITH
   1.17.3
