GEM
  specs:

GEM
  remote: https://rubygems.org/
  specs:
    byebug (11.0.1)
    chunky_png (1.3.11)
    diff-lcs (1.3)
    rb-readline (0.5.5)
    rbtree (0.4.5)
    rspec (3.9.0)
      rspec-core (~> 3.9.0)
      rspec-expectations (~> 3.9.0)
      rspec-mocks (~> 3.9.0)
    rspec-core (3.9.0)
      rspec-support (~> 3.9.0)
    rspec-expectations (3.9.0)
      diff-lcs (>= 1.2.0, < 2.0)
      rspec-support (~> 3.9.0)
    rspec-mocks (3.9.0)
      diff-lcs (>= 1.2.0, < 2.0)
      rspec-support (~> 3.9.0)
    rspec-support (3.9.0)
    set (1.0.3)
    sorted_set (1.0.3)
      rbtree
      set (~> 1.0)

PLATFORMS
  ruby

DEPENDENCIES
  byebug!
  chunky_png!
  rb-readline!
  rspec!
  sorted_set!

BUNDLED WITH
   2.2.32
